GIT
  remote: git://github.com/amatsuda/kaminari.git
  revision: dd3a23197b78324f65c849328949890073db2d54
  specs:
    kaminari (0.15.1)
      actionpack (>= 3.0.0)
      activesupport (>= 3.0.0)

GIT
  remote: git://github.com/amerine/acts_as_tree.git
  revision: 1e6330ff5f60a5ff78157aa969fa3f85e83acb81
  specs:
    acts_as_tree (1.6.0)
      activerecord (>= 3.0.0)

GIT
  remote: git://github.com/arbarlow/ruby-mp4info.git
  revision: 7cde76dc34108fdbb4dc1b4c3bb3ef30c4da403e
  specs:
    mp4info (1.7.3)

GIT
  remote: git://github.com/flori/term-ansicolor.git
  revision: 9db6d09c77391504408a90013cd82f265b95bc27
  specs:
    term-ansicolor (1.3.0)
      tins (~> 1.0)

GIT
  remote: git://github.com/joliss/jquery-ui-rails.git
  revision: 8b2d28d20d4d9372f5ae6318a878bfec275d7b10
  specs:
    jquery-ui-rails (4.2.1)
      railties (>= 3.2.16)

GIT
  remote: git://github.com/paul/progress_bar.git
  revision: 57efc6ce1c5ed5928ae75a45f3c279132acd715e
  specs:
    progress_bar (1.0.0)
      highline (~> 1.6.1)
      options (~> 2.3.0)

GIT
  remote: git://github.com/plataformatec/simple_form.git
  revision: 45243af173266d91de1540f043c31d8e206edc92
  branch: v2.1
  specs:
    simple_form (2.1.1)
      actionpack (~> 3.0)
      activemodel (~> 3.0)

GIT
  remote: git://github.com/smartinez87/exception_notification.git
  revision: 48f2ce69e77adbd88293ffb0a3b7458438e16593
  specs:
    exception_notification (4.1.0.rc1)
      actionmailer (>= 3.0.4)
      activesupport (>= 3.0.4)

GIT
  remote: git://github.com/svenfuchs/rails-i18n.git
  revision: 67e14f3c63b4430449e4e0dbf211daa6238168a5
  branch: rails-3-x
  specs:
    rails-i18n (3.0.1)
      i18n (~> 0.5)
      rails (>= 3.0.0, < 4.0.0)

GIT
  remote: git://github.com/the-teacher/the_sortable_tree.git
  revision: 090809540fb40618f3771dc80ee32c63fdd3ae4a
  specs:
    the_sortable_tree (2.5.0)
      rails (>= 3.1)

GIT
  remote: https://github.com/moumar/wmainfo-rb.git
  revision: c30e1dcff26b580a848ce7259fef1c9c69d814d2
  specs:
    moumar-wmainfo-rb (0.8)

GEM
  remote: http://rubygems.org/
  specs:
    actionmailer (3.2.18)
      actionpack (= 3.2.18)
      mail (~> 2.5.4)
    actionpack (3.2.18)
      activemodel (= 3.2.18)
      activesupport (= 3.2.18)
      builder (~> 3.0.0)
      erubis (~> 2.7.0)
      journey (~> 1.0.4)
      rack (~> 1.4.5)
      rack-cache (~> 1.2)
      rack-test (~> 0.6.1)
      sprockets (~> 2.2.1)
    activemodel (3.2.18)
      activesupport (= 3.2.18)
      builder (~> 3.0.0)
    activerecord (3.2.18)
      activemodel (= 3.2.18)
      activesupport (= 3.2.18)
      arel (~> 3.0.2)
      tzinfo (~> 0.3.29)
    activeresource (3.2.18)
      activemodel (= 3.2.18)
      activesupport (= 3.2.18)
    activesupport (3.2.18)
      i18n (~> 0.6, >= 0.6.4)
      multi_json (~> 1.0)
    arel (3.0.3)
    bcrypt (3.1.7)
    bcrypt-ruby (3.1.5)
      bcrypt (>= 3.1.3)
    best_in_place (2.1.0)
      jquery-rails
      rails (~> 3.1)
    better_errors (1.1.0)
      coderay (>= 1.0.0)
      erubis (>= 2.6.6)
    binding_of_caller (0.7.2)
      debug_inspector (>= 0.0.1)
    bootstrap-sass (2.3.2.2)
      sass (~> 3.2)
    builder (3.0.4)
    bullet (4.9.0)
      activesupport
      uniform_notifier (~> 1.6.0)
    cancan (1.6.9)
    ckeditor (3.7.1)
      mime-types
      orm_adapter
    climate_control (0.0.3)
      activesupport (>= 3.0)
    cocaine (0.5.4)
      climate_control (>= 0.0.3, < 1.0)
    coderay (1.1.0)
    coffee-rails (3.2.2)
      coffee-script (>= 2.2.0)
      railties (~> 3.2.0)
    coffee-script (2.2.0)
      coffee-script-source
      execjs
    coffee-script-source (1.7.0)
    columnize (0.8.9)
    daemons (1.1.9)
    dalli (2.7.2)
    debug_inspector (0.0.2)
    debugger (1.6.6)
      columnize (>= 0.3.1)
      debugger-linecache (~> 1.2.0)
      debugger-ruby_core_source (~> 1.3.2)
    debugger-linecache (1.2.0)
    debugger-ruby_core_source (1.3.4)
    debugger-xml (0.3.3)
      builder (>= 2.0.0)
      debugger (>= 1.6.2)
    delayed_job (4.0.1)
      activesupport (>= 3.0, < 4.2)
    delayed_job_active_record (4.0.1)
      activerecord (>= 3.0, < 4.2)
      delayed_job (>= 3.0, < 4.1)
    devise (2.2.3)
      bcrypt-ruby (~> 3.0)
      orm_adapter (~> 0.1)
      railties (~> 3.1)
      warden (~> 1.2.1)
    erubis (2.7.0)
    eventmachine (1.0.3)
    execjs (2.0.2)
    haml (4.0.5)
      tilt
    highline (1.6.21)
    hike (1.2.3)
    i18n (0.6.9)
    journey (1.0.4)
    jquery-rails (3.1.0)
      railties (>= 3.0, < 5.0)
      thor (>= 0.14, < 2.0)
    json (1.8.1)
    jsonify (0.3.1)
      multi_json (~> 1.0)
    jsonify-rails (0.3.2)
      actionpack
      jsonify (< 0.4.0)
    kgio (2.9.2)
    libv8 (3.11.8.17)
    mail (2.5.4)
      mime-types (~> 1.16)
      treetop (~> 1.4.8)
    mime-types (1.25.1)
    mini_portile (0.6.0)
    multi_json (1.10.0)
    mysql2 (0.3.16)
    nokogiri (1.6.2.1)
      mini_portile (= 0.6.0)
    options (2.3.2)
    orm_adapter (0.5.0)
    paperclip (4.1.1)
      activemodel (>= 3.0.0)
      activesupport (>= 3.0.0)
      cocaine (~> 0.5.3)
      mime-types
    polyglot (0.3.4)
    pr_geohash (1.0.0)
    puma (2.8.2)
      rack (>= 1.1, < 2.0)
    rack (1.4.5)
    rack-cache (1.2)
      rack (>= 0.4)
    rack-ssl (1.3.4)
      rack
    rack-test (0.6.2)
      rack (>= 1.0)
    rails (3.2.18)
      actionmailer (= 3.2.18)
      actionpack (= 3.2.18)
      activerecord (= 3.2.18)
      activeresource (= 3.2.18)
      activesupport (= 3.2.18)
      bundler (~> 1.0)
      railties (= 3.2.18)
    railties (3.2.18)
      actionpack (= 3.2.18)
      activesupport (= 3.2.18)
      rack-ssl (~> 1.3.2)
      rake (>= 0.8.7)
      rdoc (~> 3.4)
      thor (>= 0.14.6, < 2.0)
    raindrops (0.13.0)
    rake (10.3.2)
    rakismet (1.5.0)
    rdoc (3.12.2)
      json (~> 1.4)
    ref (1.0.5)
    rsolr (1.0.10)
      builder (>= 2.1.2)
    ruby-mp3info (0.8.4)
    sass (3.3.7)
    sass-rails (3.2.6)
      railties (~> 3.2.0)
      sass (>= 3.1.10)
      tilt (~> 1.3)
    sextant (0.2.4)
      rails (>= 3.2)
    slim (2.0.2)
      temple (~> 0.6.6)
      tilt (>= 1.3.3, < 2.1)
    sprockets (2.2.2)
      hike (~> 1.2)
      multi_json (~> 1.0)
      rack (~> 1.0)
      tilt (~> 1.1, != 1.3.0)
    sunspot (2.0.0)
      pr_geohash (~> 1.0)
      rsolr (~> 1.0.7)
    sunspot_rails (2.0.0)
      nokogiri
      sunspot (= 2.0.0)
    sunspot_solr (2.0.0)
    temple (0.6.7)
    therubyracer (0.11.4)
      libv8 (~> 3.11.8.12)
      ref
    thin (1.6.2)
      daemons (>= 1.0.9)
      eventmachine (>= 1.0.0)
      rack (>= 1.0.0)
    thor (0.19.1)
    tilt (1.4.1)
    tins (1.3.0)
    treetop (1.4.15)
      polyglot
      polyglot (>= 0.3.1)
    tzinfo (0.3.39)
    uglifier (2.5.0)
      execjs (>= 0.3.0)
      json (>= 1.8.0)
    unicorn (4.8.3)
      kgio (~> 2.6)
      rack
      raindrops (~> 0.7)
    uniform_notifier (1.6.1)
    warden (1.2.3)
      rack (>= 1.0)
    yajl-ruby (1.2.0)

PLATFORMS
  ruby

DEPENDENCIES
  acts_as_tree!
  best_in_place
  better_errors
  binding_of_caller
  bootstrap-sass (~> 2.3.2.0)
  bullet
  cancan (= 1.6.9)
  ckeditor (= 3.7.1)
  coffee-rails (~> 3.2.0)
  dalli
  debugger
  debugger-xml
  delayed_job_active_record
  devise (= 2.2.3)
  exception_notification!
  haml
  jquery-rails
  jquery-ui-rails!
  jsonify-rails
  kaminari!
  moumar-wmainfo-rb!
  mp4info!
  mysql2 (>= 0.3)
  nokogiri
  paperclip
  progress_bar!
  puma
  rails (= 3.2.18)
  rails-i18n!
  rake (~> 10.3.1)
  rakismet
  ruby-mp3info
  sass
  sass-rails
  sextant
  simple_form!
  slim
  sunspot_rails (= 2.0.0)
  sunspot_solr (= 2.0.0)
  term-ansicolor!
  the_sortable_tree!
  therubyracer (= 0.11.4)
  thin
  uglifier (>= 1.0.3)
  unicorn
  yajl-ruby
