GIT
  remote: git://github.com/JetBrains/coffee-script-redux-debugger.git
  revision: 45ab4936bc35d5150dd0995833f2ab730ac8bd37
  specs:
    coffee-script-redux-debugger (0.0.1)
      coffee-script
      execjs
      sprockets

GIT
  remote: git://github.com/flori/progress_bar.git
  revision: 99540143881eaedbe54d6e93e412bde49a0a71b7
  branch: betterplace
  specs:
    progress_bar (0.4.0)
      highline (~> 1.6.1)
      options (~> 2.3.0)
      tins (~> 0.5)

GIT
  remote: git://github.com/plataformatec/simple_form.git
  revision: ea30161bdb4984c2c30e1d3a6188c8b2c4cfec3b
  branch: v2.1
  specs:
    simple_form (2.1.0)
      actionpack (~> 3.0)
      activemodel (~> 3.0)

GIT
  remote: git://github.com/the-teacher/the_sortable_tree.git
  revision: 9f40ceaeea5f2cd6aa4e4c112dc887c6690eb65f
  specs:
    the_sortable_tree (2.4.0)
      rails (>= 3.1)

GIT
  remote: https://github.com/amatsuda/kaminari.git
  revision: 4ebf14081cd40bf9aeb17e74bcb043869b44fc9a
  specs:
    kaminari (0.15.0)
      actionpack (>= 3.0.0)
      activesupport (>= 3.0.0)

GIT
  remote: https://github.com/amerine/acts_as_tree.git
  revision: fbc0ef9573325d7dcc559ce7fee0662b33ea3cd8
  specs:
    acts_as_tree (1.4.0)
      activerecord (>= 3.0.0)

GIT
  remote: https://github.com/moumar/wmainfo-rb.git
  revision: c30e1dcff26b580a848ce7259fef1c9c69d814d2
  specs:
    moumar-wmainfo-rb (0.8)

GEM
  remote: http://rubygems.org/
  specs:
    actionmailer (3.2.13)
      actionpack (= 3.2.13)
      mail (~> 2.5.3)
    actionpack (3.2.13)
      activemodel (= 3.2.13)
      activesupport (= 3.2.13)
      builder (~> 3.0.0)
      erubis (~> 2.7.0)
      journey (~> 1.0.4)
      rack (~> 1.4.5)
      rack-cache (~> 1.2)
      rack-test (~> 0.6.1)
      sprockets (~> 2.2.1)
    activemodel (3.2.13)
      activesupport (= 3.2.13)
      builder (~> 3.0.0)
    activerecord (3.2.13)
      activemodel (= 3.2.13)
      activesupport (= 3.2.13)
      arel (~> 3.0.2)
      tzinfo (~> 0.3.29)
    activeresource (3.2.13)
      activemodel (= 3.2.13)
      activesupport (= 3.2.13)
    activesupport (3.2.13)
      i18n (= 0.6.1)
      multi_json (~> 1.0)
    arel (3.0.3)
    bcrypt-ruby (3.1.2)
    best_in_place (2.1.0)
      jquery-rails
      rails (~> 3.1)
    better_errors (1.0.1)
      coderay (>= 1.0.0)
      erubis (>= 2.6.6)
    binding_of_caller (0.7.2)
      debug_inspector (>= 0.0.1)
    bootstrap-sass (2.3.2.2)
      sass (~> 3.2)
    builder (3.0.4)
    bullet (4.7.1)
      activesupport
      uniform_notifier (>= 1.4.0)
    cancan (1.6.9)
    ckeditor (3.7.1)
      mime-types
      orm_adapter
    climate_control (0.0.3)
      activesupport (>= 3.0)
    cocaine (0.5.3)
      climate_control (>= 0.0.3, < 1.0)
    coderay (1.1.0)
    coffee-rails (3.2.2)
      coffee-script (>= 2.2.0)
      railties (~> 3.2.0)
    coffee-rails-source-maps (1.4.0)
      coffee-script-source (>= 1.6.1)
    coffee-script (2.2.0)
      coffee-script-source
      execjs
    coffee-script-source (1.6.3)
    daemons (1.1.9)
    dalli (2.6.4)
    debug_inspector (0.0.2)
    devise (2.2.3)
      bcrypt-ruby (~> 3.0)
      orm_adapter (~> 0.1)
      railties (~> 3.1)
      warden (~> 1.2.1)
    erubis (2.7.0)
    eventmachine (1.0.3)
    exception_notification (4.0.1)
      actionmailer (>= 3.0.4)
      activesupport (>= 3.0.4)
    execjs (2.0.2)
    fattr (2.2.1)
    haml (4.0.4)
      tilt
    highline (1.6.20)
    hike (1.2.3)
    i18n (0.6.1)
    journey (1.0.4)
    jquery-rails (3.0.4)
      railties (>= 3.0, < 5.0)
      thor (>= 0.14, < 2.0)
    json (1.8.1)
    jsonify (0.3.1)
      multi_json (~> 1.0)
    jsonify-rails (0.3.2)
      actionpack
      jsonify (< 0.4.0)
    kgio (2.8.1)
    libv8 (3.11.8.17)
    listen (0.7.3)
    mail (2.5.4)
      mime-types (~> 1.16)
      treetop (~> 1.4.8)
    mime-types (1.25.1)
    mini_portile (0.5.2)
    multi_json (1.8.2)
    mysql2 (0.3.14)
    newrelic_rpm (3.6.9.171)
    nokogiri (1.6.0)
      mini_portile (~> 0.5.0)
    options (2.3.0)
      fattr
    orm_adapter (0.5.0)
    paperclip (3.5.2)
      activemodel (>= 3.0.0)
      activesupport (>= 3.0.0)
      cocaine (~> 0.5.3)
      mime-types
    polyglot (0.3.3)
    pr_geohash (1.0.0)
    puma (2.6.0)
      rack (>= 1.1, < 2.0)
    rack (1.4.5)
    rack-cache (1.2)
      rack (>= 0.4)
    rack-ssl (1.3.3)
      rack
    rack-test (0.6.2)
      rack (>= 1.0)
    rails (3.2.13)
      actionmailer (= 3.2.13)
      actionpack (= 3.2.13)
      activerecord (= 3.2.13)
      activeresource (= 3.2.13)
      activesupport (= 3.2.13)
      bundler (~> 1.0)
      railties (= 3.2.13)
    railties (3.2.13)
      actionpack (= 3.2.13)
      activesupport (= 3.2.13)
      rack-ssl (~> 1.3.2)
      rake (>= 0.8.7)
      rdoc (~> 3.4)
      thor (>= 0.14.6, < 2.0)
    raindrops (0.12.0)
    rake (10.1.0)
    rdoc (3.12.2)
      json (~> 1.4)
    ref (1.0.5)
    rsolr (1.0.9)
      builder (>= 2.1.2)
    ruby-mp3info (0.8.2)
    sass (3.3.0.alpha.201)
      listen (~> 0.7)
    sass-rails (3.2.6)
      railties (~> 3.2.0)
      sass (>= 3.1.10)
      tilt (~> 1.3)
    sextant (0.2.4)
      rails (>= 3.2)
    slim (2.0.2)
      temple (~> 0.6.6)
      tilt (>= 1.3.3, < 2.1)
    sprockets (2.2.2)
      hike (~> 1.2)
      multi_json (~> 1.0)
      rack (~> 1.0)
      tilt (~> 1.1, != 1.3.0)
    sunspot (2.0.0)
      pr_geohash (~> 1.0)
      rsolr (~> 1.0.7)
    sunspot_rails (2.0.0)
      nokogiri
      sunspot (= 2.0.0)
    sunspot_solr (2.0.0)
    temple (0.6.7)
    term-ansicolor (1.2.2)
      tins (~> 0.8)
    therubyracer (0.11.4)
      libv8 (~> 3.11.8.12)
      ref
    thin (1.6.1)
      daemons (>= 1.0.9)
      eventmachine (>= 1.0.0)
      rack (>= 1.0.0)
    thor (0.18.1)
    tilt (1.4.1)
    tins (0.13.1)
    treetop (1.4.15)
      polyglot
      polyglot (>= 0.3.1)
    tzinfo (0.3.38)
    uglifier (2.3.1)
      execjs (>= 0.3.0)
      json (>= 1.8.0)
    unicorn (4.7.0)
      kgio (~> 2.6)
      rack
      raindrops (~> 0.7)
    uniform_notifier (1.4.0)
    warden (1.2.3)
      rack (>= 1.0)
    yajl-ruby (1.1.0)

PLATFORMS
  ruby

DEPENDENCIES
  acts_as_tree!
  best_in_place
  better_errors
  binding_of_caller
  bootstrap-sass (~> 2.3.2.0)
  bullet
  cancan (= 1.6.9)
  ckeditor (= 3.7.1)
  coffee-rails (~> 3.2.0)
  coffee-rails-source-maps
  coffee-script-redux-debugger!
  dalli
  devise (= 2.2.3)
  exception_notification
  haml
  jquery-rails
  jsonify-rails
  kaminari!
  moumar-wmainfo-rb!
  mysql2 (>= 0.3)
  newrelic_rpm
  nokogiri
  paperclip
  progress_bar!
  puma
  rails (= 3.2.13)
  ruby-mp3info
  sass
  sass-rails (>= 3.2)
  sextant
  simple_form!
  slim
  sunspot_rails (= 2.0.0)
  sunspot_solr (= 2.0.0)
  term-ansicolor
  the_sortable_tree!
  therubyracer (= 0.11.4)
  thin
  uglifier (>= 1.0.3)
  unicorn
  yajl-ruby
