GIT
  remote: git://github.com/amatsuda/kaminari.git
  revision: d602ac94c596b35d954ab5efb8ca51fa374ba3fb
  ref: d602ac94c596b35d954ab5efb8ca51fa374ba3fb
  specs:
    kaminari (1.0.0.alpha)
      actionpack (>= 3.0.0)
      activesupport (>= 3.0.0)

GIT
  remote: git://github.com/amerine/acts_as_tree.git
  revision: 7966244c0b087ace95a259dc812825af260fc707
  specs:
    acts_as_tree (2.6.0)
      activerecord (>= 3.0.0)

GIT
  remote: git://github.com/arbarlow/ruby-mp4info.git
  revision: 227c4c24a651ba966696ec8a05f71b8e0fdbe2c6
  specs:
    mp4info (1.7.3)

GIT
  remote: git://github.com/ctran/annotate_models.git
  revision: c952306966c9bae4438e4d40351561af3d8005c0
  specs:
    annotate (2.7.0)
      activerecord (>= 3.2, < 6.0)
      rake (>= 10.4, < 12.0)

GIT
  remote: git://github.com/flori/term-ansicolor.git
  revision: 212f300fad04707682a56da0f3c0748970f41451
  specs:
    term-ansicolor (1.4.0)
      tins (~> 1.0)

GIT
  remote: git://github.com/joliss/jquery-ui-rails.git
  revision: de88822408371b678f346338d18f9f4eb7635456
  specs:
    jquery-ui-rails (5.0.5)
      railties (>= 3.2.16)

GIT
  remote: git://github.com/joshfrench/rakismet.git
  revision: c19ded8f10704f0924f37b1cd48cadd58ba569fe
  specs:
    rakismet (1.5.3)

GIT
  remote: git://github.com/moumar/wmainfo-rb.git
  revision: 032b0efa7752e272cd3b51da9be7f63b50ef9fbf
  specs:
    wmainfo-rb (0.8)

GIT
  remote: git://github.com/paul/progress_bar.git
  revision: 6dc27ba612bdf6517ca8e443428066b5b61175d5
  specs:
    progress_bar (1.0.5)
      highline (~> 1.6)
      options (~> 2.3.0)

GIT
  remote: git://github.com/plataformatec/simple_form.git
  revision: 239eb584fbc44ac2bacfb0319a2d1c168a17cd1e
  branch: v2.1
  specs:
    simple_form (2.1.3)
      actionpack (~> 3.0)
      activemodel (~> 3.0)

GIT
  remote: git://github.com/sunny/handle_invalid_percent_encoding_requests.git
  revision: eafa7d0c867a015f865b1242af3940dc7536e575
  specs:
    handle_invalid_percent_encoding_requests (1.0.2)
      rack-utf8_sanitizer
      rails (>= 3.1)

GIT
  remote: git://github.com/svenfuchs/rails-i18n.git
  revision: 5f8fd02e56f38fc6a66383820bf4dbf335572f2d
  branch: rails-3-x
  specs:
    rails-i18n (3.0.2)
      i18n (~> 0.5)
      rails (>= 3.0.0, < 4.0.0)

GIT
  remote: git://github.com/the-teacher/the_sortable_tree.git
  revision: cac67bf08e3cf43cb2181d49af5bb35a2c76406d
  specs:
    the_sortable_tree (2.6.1)
      rails (>= 3.1)

GEM
  remote: http://rubygems.org/
  specs:
    actionmailer (3.2.22.2)
      actionpack (= 3.2.22.2)
      mail (~> 2.5.4)
    actionpack (3.2.22.2)
      activemodel (= 3.2.22.2)
      activesupport (= 3.2.22.2)
      builder (~> 3.0.0)
      erubis (~> 2.7.0)
      journey (~> 1.0.4)
      rack (~> 1.4.5)
      rack-cache (~> 1.2)
      rack-test (~> 0.6.1)
      sprockets (~> 2.2.1)
    activemodel (3.2.22.2)
      activesupport (= 3.2.22.2)
      builder (~> 3.0.0)
    activerecord (3.2.22.2)
      activemodel (= 3.2.22.2)
      activesupport (= 3.2.22.2)
      arel (~> 3.0.2)
      tzinfo (~> 0.3.29)
    activeresource (3.2.22.2)
      activemodel (= 3.2.22.2)
      activesupport (= 3.2.22.2)
    activesupport (3.2.22.2)
      i18n (~> 0.6, >= 0.6.4)
      multi_json (~> 1.0)
    arel (3.0.3)
    bcrypt (3.1.11)
    bcrypt-ruby (3.1.5)
      bcrypt (>= 3.1.3)
    best_in_place (3.1.0)
      actionpack (>= 3.2)
      railties (>= 3.2)
    better_errors (1.1.0)
      coderay (>= 1.0.0)
      erubis (>= 2.6.6)
    binding_of_caller (0.7.2)
      debug_inspector (>= 0.0.1)
    bootstrap-sass (2.3.2.2)
      sass (~> 3.2)
    builder (3.0.4)
    bullet (5.4.2)
      activesupport (>= 3.0.0)
      uniform_notifier (~> 1.10.0)
    cancan (1.6.9)
    ckeditor (3.7.1)
      mime-types
      orm_adapter
    climate_control (0.0.3)
      activesupport (>= 3.0)
    cocaine (0.5.8)
      climate_control (>= 0.0.3, < 1.0)
    coderay (1.1.1)
    coffee-rails (3.2.2)
      coffee-script (>= 2.2.0)
      railties (~> 3.2.0)
    coffee-script (2.4.1)
      coffee-script-source
      execjs
    coffee-script-source (1.10.0)
    daemons (1.2.3)
    dalli (2.7.6)
    debug_inspector (0.0.2)
    delayed_job (4.1.2)
      activesupport (>= 3.0, < 5.1)
    delayed_job_active_record (4.1.1)
      activerecord (>= 3.0, < 5.1)
      delayed_job (>= 3.0, < 5)
    devise (2.2.3)
      bcrypt-ruby (~> 3.0)
      orm_adapter (~> 0.1)
      railties (~> 3.1)
      warden (~> 1.2.1)
    draper (1.4.0)
      actionpack (>= 3.0)
      activemodel (>= 3.0)
      activesupport (>= 3.0)
      request_store (~> 1.0)
    erubis (2.7.0)
    eventmachine (1.2.0.1)
    execjs (2.7.0)
    guard-compat (1.2.1)
    guard-minitest (2.4.5)
      guard-compat (~> 1.2)
      minitest (>= 3.0)
    haml (4.0.7)
      tilt
    highline (1.7.8)
    hike (1.2.3)
    i18n (0.7.0)
    journey (1.0.4)
    jquery-rails (3.1.4)
      railties (>= 3.0, < 5.0)
      thor (>= 0.14, < 2.0)
    json (1.8.3)
    jsonify (0.3.1)
      multi_json (~> 1.0)
    jsonify-rails (0.3.2)
      actionpack
      jsonify (< 0.4.0)
    kgio (2.10.0)
    libv8 (3.11.8.17)
    mail (2.5.4)
      mime-types (~> 1.16)
      treetop (~> 1.4.8)
    mime-types (1.25.1)
    mimemagic (0.3.0)
    mini_portile2 (2.1.0)
    minitest (5.9.0)
    multi_json (1.12.1)
    nokogiri (1.6.8)
      mini_portile2 (~> 2.1.0)
      pkg-config (~> 1.1.7)
    options (2.3.2)
    orm_adapter (0.5.0)
    paperclip (4.3.7)
      activemodel (>= 3.2.0)
      activesupport (>= 3.2.0)
      cocaine (~> 0.5.5)
      mime-types
      mimemagic (= 0.3.0)
    pg (0.18.4)
    pkg-config (1.1.7)
    polyglot (0.3.5)
    power_assert (0.3.0)
    pr_geohash (1.0.0)
    puma (3.5.0)
    rack (1.4.7)
    rack-cache (1.6.1)
      rack (>= 0.4)
    rack-ssl (1.3.4)
      rack
    rack-test (0.6.3)
      rack (>= 1.0)
    rack-utf8_sanitizer (1.3.2)
      rack (>= 1.0, < 3.0)
    rails (3.2.22.2)
      actionmailer (= 3.2.22.2)
      actionpack (= 3.2.22.2)
      activerecord (= 3.2.22.2)
      activeresource (= 3.2.22.2)
      activesupport (= 3.2.22.2)
      bundler (~> 1.0)
      railties (= 3.2.22.2)
    railties (3.2.22.2)
      actionpack (= 3.2.22.2)
      activesupport (= 3.2.22.2)
      rack-ssl (~> 1.3.2)
      rake (>= 0.8.7)
      rdoc (~> 3.4)
      thor (>= 0.14.6, < 2.0)
    raindrops (0.16.0)
    rake (10.4.2)
    rb-fsevent (0.9.7)
    rdoc (3.12.2)
      json (~> 1.4)
    ref (2.0.0)
    request_store (1.3.1)
    rsolr (1.0.13)
      builder (>= 2.1.2)
    ruby-mp3info (0.8.9)
    sass (3.4.1)
    sass-rails (3.2.6)
      railties (~> 3.2.0)
      sass (>= 3.1.10)
      tilt (~> 1.3)
    sextant (0.2.4)
      rails (>= 3.2)
    slim (3.0.7)
      temple (~> 0.7.6)
      tilt (>= 1.3.3, < 2.1)
    sprockets (2.2.3)
      hike (~> 1.2)
      multi_json (~> 1.0)
      rack (~> 1.0)
      tilt (~> 1.1, != 1.3.0)
    sunspot (2.0.0)
      pr_geohash (~> 1.0)
      rsolr (~> 1.0.7)
    sunspot_rails (2.0.0)
      nokogiri
      sunspot (= 2.0.0)
    sunspot_solr (2.0.0)
    temple (0.7.7)
    terminal-notifier-guard (1.7.0)
    test-unit (3.2.1)
      power_assert
    therubyracer (0.11.4)
      libv8 (~> 3.11.8.12)
      ref
    thin (1.7.0)
      daemons (~> 1.0, >= 1.0.9)
      eventmachine (~> 1.0, >= 1.0.4)
      rack (>= 1, < 3)
    thor (0.19.1)
    tilt (1.4.1)
    tins (1.12.0)
    treetop (1.4.15)
      polyglot
      polyglot (>= 0.3.1)
    tzinfo (0.3.51)
    uglifier (3.0.0)
      execjs (>= 0.3.0, < 3)
    unicorn (5.1.0)
      kgio (~> 2.6)
      raindrops (~> 0.7)
    uniform_notifier (1.10.0)
    warden (1.2.6)
      rack (>= 1.0)
    yajl-ruby (1.2.1)

PLATFORMS
  ruby

DEPENDENCIES
  acts_as_tree!
  annotate!
  best_in_place
  better_errors (= 1.1.0)
  binding_of_caller
  bootstrap-sass (~> 2.3.2.0)
  bullet
  cancan (= 1.6.9)
  ckeditor (= 3.7.1)
  coffee-rails (~> 3.2.0)
  dalli
  delayed_job_active_record
  devise (= 2.2.3)
  draper (~> 1.3)
  guard-minitest
  haml
  handle_invalid_percent_encoding_requests!
  jquery-rails
  jquery-ui-rails!
  jsonify-rails
  kaminari!
  mp4info!
  nokogiri
  paperclip
  pg
  progress_bar!
  puma
  rails (= 3.2.22.2)
  rails-i18n!
  rake (~> 10.4.1)
  rakismet!
  rb-fsevent (~> 0.9)
  ruby-mp3info
  sass (= 3.4.1)
  sass-rails (= 3.2.6)
  sextant
  simple_form!
  slim
  sunspot_rails (= 2.0.0)
  sunspot_solr (= 2.0.0)
  term-ansicolor!
  terminal-notifier-guard
  test-unit
  the_sortable_tree!
  therubyracer (= 0.11.4)
  thin
  uglifier (>= 1.0.3)
  unicorn
  wmainfo-rb!
  yajl-ruby

RUBY VERSION
   ruby 2.3.0p0

BUNDLED WITH
   1.13.6
