GIT
  remote: git://github.com/amatsuda/kaminari.git
  revision: d602ac94c596b35d954ab5efb8ca51fa374ba3fb
  specs:
    kaminari (1.0.0.alpha)
      actionpack (>= 3.0.0)
      activesupport (>= 3.0.0)

GIT
  remote: git://github.com/amerine/acts_as_tree.git
  revision: 436e03f7f59b112369ff95244483609e06df0439
  specs:
    acts_as_tree (2.2.0)
      activerecord (>= 3.0.0)

GIT
  remote: git://github.com/arbarlow/ruby-mp4info.git
  revision: 227c4c24a651ba966696ec8a05f71b8e0fdbe2c6
  specs:
    mp4info (1.7.3)

GIT
  remote: git://github.com/ctran/annotate_models.git
  revision: d878a5b784ee0f703e9ee677bc0231dc24159512
  specs:
    annotate (2.6.10)
      activerecord (>= 3.2, <= 4.3)
      rake (~> 10.4)

GIT
  remote: git://github.com/flori/term-ansicolor.git
  revision: e6086b7fddf53c53f8022acc1920f435e65b5e51
  specs:
    term-ansicolor (1.3.0)
      tins (~> 1.0)

GIT
  remote: git://github.com/gshilin/handle_invalid_percent_encoding_requests.git
  revision: b6397f24b31ff946f19eb75d613e723b3f361d46
  specs:
    handle_invalid_percent_encoding_requests (1.0)
      rack-utf8_sanitizer
      rails

GIT
  remote: git://github.com/joliss/jquery-ui-rails.git
  revision: de88822408371b678f346338d18f9f4eb7635456
  specs:
    jquery-ui-rails (5.0.5)
      railties (>= 3.2.16)

GIT
  remote: git://github.com/joshfrench/rakismet.git
  revision: 40f16d9818f1517391b449afe85f30f4d76be8b2
  specs:
    rakismet (1.5.1)

GIT
  remote: git://github.com/moumar/wmainfo-rb.git
  revision: 032b0efa7752e272cd3b51da9be7f63b50ef9fbf
  specs:
    wmainfo-rb (0.8)

GIT
  remote: git://github.com/paul/progress_bar.git
  revision: cc4c65924f1b1cafa3a38134bf95a2b8d1e32605
  specs:
    progress_bar (1.0.5)
      highline (~> 1.6)
      options (~> 2.3.0)

GIT
  remote: git://github.com/plataformatec/simple_form.git
  revision: 239eb584fbc44ac2bacfb0319a2d1c168a17cd1e
  branch: v2.1
  specs:
    simple_form (2.1.3)
      actionpack (~> 3.0)
      activemodel (~> 3.0)

GIT
  remote: git://github.com/rails/exception_notification.git
  revision: 192a49a02d63d28b23ed41cebadfedd490929cf1
  specs:
    exception_notification (1.0.0)

GIT
  remote: git://github.com/svenfuchs/rails-i18n.git
  revision: 5f8fd02e56f38fc6a66383820bf4dbf335572f2d
  branch: rails-3-x
  specs:
    rails-i18n (3.0.2)
      i18n (~> 0.5)
      rails (>= 3.0.0, < 4.0.0)

GIT
  remote: git://github.com/the-teacher/the_sortable_tree.git
  revision: 2ce710e371aa8f71c2518b775664486068e19738
  specs:
    the_sortable_tree (2.5.0)
      rails (>= 3.1)

GEM
  remote: http://rubygems.org/
  specs:
    actionmailer (3.2.18)
      actionpack (= 3.2.18)
      mail (~> 2.5.4)
    actionpack (3.2.18)
      activemodel (= 3.2.18)
      activesupport (= 3.2.18)
      builder (~> 3.0.0)
      erubis (~> 2.7.0)
      journey (~> 1.0.4)
      rack (~> 1.4.5)
      rack-cache (~> 1.2)
      rack-test (~> 0.6.1)
      sprockets (~> 2.2.1)
    activemodel (3.2.18)
      activesupport (= 3.2.18)
      builder (~> 3.0.0)
    activerecord (3.2.18)
      activemodel (= 3.2.18)
      activesupport (= 3.2.18)
      arel (~> 3.0.2)
      tzinfo (~> 0.3.29)
    activeresource (3.2.18)
      activemodel (= 3.2.18)
      activesupport (= 3.2.18)
    activesupport (3.2.18)
      i18n (~> 0.6, >= 0.6.4)
      multi_json (~> 1.0)
    ansi (1.5.0)
    arel (3.0.3)
    bcrypt (3.1.10)
    bcrypt-ruby (3.1.5)
      bcrypt (>= 3.1.3)
    best_in_place (3.0.3)
      actionpack (>= 3.2)
      railties (>= 3.2)
    better_errors (1.1.0)
      coderay (>= 1.0.0)
      erubis (>= 2.6.6)
    binding_of_caller (0.7.2)
      debug_inspector (>= 0.0.1)
    bootstrap-sass (2.3.2.2)
      sass (~> 3.2)
    builder (3.0.4)
    bullet (4.14.10)
      activesupport (>= 3.0.0)
      uniform_notifier (~> 1.9.0)
    cancan (1.6.9)
    capybara (2.1.0)
      mime-types (>= 1.16)
      nokogiri (>= 1.3.3)
      rack (>= 1.0.0)
      rack-test (>= 0.5.4)
      xpath (~> 2.0)
    ckeditor (3.7.1)
      mime-types
      orm_adapter
    climate_control (0.0.3)
      activesupport (>= 3.0)
    cocaine (0.5.7)
      climate_control (>= 0.0.3, < 1.0)
    coderay (1.1.0)
    coffee-rails (3.2.2)
      coffee-script (>= 2.2.0)
      railties (~> 3.2.0)
    coffee-script (2.4.1)
      coffee-script-source
      execjs
    coffee-script-source (1.9.1.1)
    daemons (1.2.3)
    dalli (2.7.4)
    debug_inspector (0.0.2)
    delayed_job (4.1.1)
      activesupport (>= 3.0, < 5.0)
    delayed_job_active_record (4.1.0)
      activerecord (>= 3.0, < 5)
      delayed_job (>= 3.0, < 5)
    devise (2.2.3)
      bcrypt-ruby (~> 3.0)
      orm_adapter (~> 0.1)
      railties (~> 3.1)
      warden (~> 1.2.1)
    draper (1.4.0)
      actionpack (>= 3.0)
      activemodel (>= 3.0)
      activesupport (>= 3.0)
      request_store (~> 1.0)
    erubis (2.7.0)
    eventmachine (1.0.8)
    execjs (2.6.0)
    factory_girl (4.5.0)
      activesupport (>= 3.0.0)
    factory_girl_rails (4.5.0)
      factory_girl (~> 4.5.0)
      railties (>= 3.0.0)
    guard-compat (1.2.1)
    guard-minitest (2.4.4)
      guard-compat (~> 1.2)
      minitest (>= 3.0)
    haml (4.0.7)
      tilt
    hashie (3.4.2)
    highline (1.7.8)
    hike (1.2.3)
    i18n (0.7.0)
    journey (1.0.4)
    jquery-rails (3.1.4)
      railties (>= 3.0, < 5.0)
      thor (>= 0.14, < 2.0)
    json (1.8.3)
    jsonify (0.3.1)
      multi_json (~> 1.0)
    jsonify-rails (0.3.2)
      actionpack
      jsonify (< 0.4.0)
    kgio (2.10.0)
    libv8 (3.11.8.17)
    mail (2.5.4)
      mime-types (~> 1.16)
      treetop (~> 1.4.8)
    metaclass (0.0.4)
    mime-types (1.25.1)
    mimemagic (0.3.0)
    mini_portile (0.6.2)
    minitest (4.7.5)
    minitest-capybara (0.5.0)
      capybara (~> 2.1.0)
      minitest (~> 4.0)
      rake
    minitest-metadata (0.5.3)
      minitest (>= 4.7, < 6.0)
    minitest-rails (1.0.1)
      minitest (~> 4.7)
      minitest-test (~> 1.0)
      railties (>= 3.0, < 4.1)
    minitest-rails-capybara (1.0.0)
      capybara (~> 2.0)
      minitest-capybara (~> 0.5.0)
      minitest-metadata (~> 0.5.0)
      minitest-rails (~> 1.0)
    minitest-reporters (0.14.24)
      ansi
      builder
      minitest (>= 2.12, < 5.0)
      powerbar
    minitest-test (1.1.0)
      minitest (~> 4.0)
    mocha (1.1.0)
      metaclass (~> 0.0.1)
    multi_json (1.11.2)
    nokogiri (1.6.6.2)
      mini_portile (~> 0.6.0)
    options (2.3.2)
    orm_adapter (0.5.0)
    paperclip (4.3.1)
      activemodel (>= 3.2.0)
      activesupport (>= 3.2.0)
      cocaine (~> 0.5.5)
      mime-types
      mimemagic (= 0.3.0)
    pg (0.18.3)
    polyglot (0.3.5)
    powerbar (1.0.12)
      ansi (~> 1.5.0)
      hashie (>= 1.1.0)
    pr_geohash (1.0.0)
    puma (2.14.0)
    rack (1.4.7)
    rack-cache (1.5.1)
      rack (>= 0.4)
    rack-ssl (1.3.4)
      rack
    rack-test (0.6.3)
      rack (>= 1.0)
    rack-utf8_sanitizer (1.3.1)
      rack (~> 1.0)
    rails (3.2.18)
      actionmailer (= 3.2.18)
      actionpack (= 3.2.18)
      activerecord (= 3.2.18)
      activeresource (= 3.2.18)
      activesupport (= 3.2.18)
      bundler (~> 1.0)
      railties (= 3.2.18)
    railties (3.2.18)
      actionpack (= 3.2.18)
      activesupport (= 3.2.18)
      rack-ssl (~> 1.3.2)
      rake (>= 0.8.7)
      rdoc (~> 3.4)
      thor (>= 0.14.6, < 2.0)
    raindrops (0.15.0)
    rake (10.4.2)
    rb-fsevent (0.9.6)
    rdoc (3.12.2)
      json (~> 1.4)
    ref (2.0.0)
    request_store (1.2.0)
    rsolr (1.0.13)
      builder (>= 2.1.2)
    ruby-mp3info (0.8.7)
    sass (3.4.19)
    sass-rails (3.2.6)
      railties (~> 3.2.0)
      sass (>= 3.1.10)
      tilt (~> 1.3)
    sextant (0.2.4)
      rails (>= 3.2)
    shoulda (3.5.0)
      shoulda-context (~> 1.0, >= 1.0.1)
      shoulda-matchers (>= 1.4.1, < 3.0)
    shoulda-context (1.2.1)
    shoulda-matchers (2.8.0)
      activesupport (>= 3.0.0)
    slim (3.0.6)
      temple (~> 0.7.3)
      tilt (>= 1.3.3, < 2.1)
    sprockets (2.2.3)
      hike (~> 1.2)
      multi_json (~> 1.0)
      rack (~> 1.0)
      tilt (~> 1.1, != 1.3.0)
    sunspot (2.0.0)
      pr_geohash (~> 1.0)
      rsolr (~> 1.0.7)
    sunspot_rails (2.0.0)
      nokogiri
      sunspot (= 2.0.0)
    sunspot_solr (2.0.0)
    temple (0.7.6)
    terminal-notifier-guard (1.6.4)
    therubyracer (0.11.4)
      libv8 (~> 3.11.8.12)
      ref
    thin (1.6.4)
      daemons (~> 1.0, >= 1.0.9)
      eventmachine (~> 1.0, >= 1.0.4)
      rack (~> 1.0)
    thor (0.19.1)
    tilt (1.4.1)
    tins (1.6.0)
    treetop (1.4.15)
      polyglot
      polyglot (>= 0.3.1)
    tzinfo (0.3.45)
    uglifier (2.7.2)
      execjs (>= 0.3.0)
      json (>= 1.8.0)
    unicorn (4.9.0)
      kgio (~> 2.6)
      rack
      raindrops (~> 0.7)
    uniform_notifier (1.9.0)
    warden (1.2.3)
      rack (>= 1.0)
    xpath (2.0.0)
      nokogiri (~> 1.3)
    yajl-ruby (1.2.1)

PLATFORMS
  ruby

DEPENDENCIES
  acts_as_tree!
  annotate!
  best_in_place
  better_errors (= 1.1.0)
  binding_of_caller
  bootstrap-sass (~> 2.3.2.0)
  bullet
  cancan (= 1.6.9)
  ckeditor (= 3.7.1)
  coffee-rails (~> 3.2.0)
  dalli
  delayed_job_active_record
  devise (= 2.2.3)
  draper (~> 1.3)
  exception_notification!
  factory_girl_rails
  guard-minitest
  haml
  handle_invalid_percent_encoding_requests!
  jquery-rails
  jquery-ui-rails!
  jsonify-rails
  kaminari!
  minitest-rails
  minitest-rails-capybara
  minitest-reporters
  mocha
  mp4info!
  nokogiri
  paperclip
  pg
  progress_bar!
  puma
  rails (= 3.2.18)
  rails-i18n!
  rake (~> 10.4.1)
  rakismet!
  rb-fsevent (~> 0.9)
  ruby-mp3info
  sass
  sass-rails
  sextant
  shoulda
  simple_form!
  slim
  sunspot_rails (= 2.0.0)
  sunspot_solr (= 2.0.0)
  term-ansicolor!
  terminal-notifier-guard
  the_sortable_tree!
  therubyracer (= 0.11.4)
  thin
  uglifier (>= 1.0.3)
  unicorn
  wmainfo-rb!
  yajl-ruby
