GIT
  remote: git://github.com/mark-moseley/linecache
  revision: 869c6a65155068415925067e480741bd0a71527e
  specs:
    linecache19 (0.5.12)
      ruby_core_source (>= 0.1.4)

GIT
  remote: git://github.com/plataformatec/simple_form.git
  revision: b886877fc2320593180a55fb2880fcb07d4d3315
  specs:
    simple_form (2.1.0.dev)
      actionpack (~> 3.0)
      activemodel (~> 3.0)

GIT
  remote: https://github.com/amatsuda/kaminari.git
  revision: 2e09b5374fec33b57c6387ca7bac89ecaa60c9eb
  specs:
    kaminari (0.14.1)
      actionpack (>= 3.0.0)
      activesupport (>= 3.0.0)

GIT
  remote: https://github.com/amerine/acts_as_tree.git
  revision: e10f1a289c11a4e05138b2188f170f289203bb26
  specs:
    acts_as_tree (1.2.0)
      activerecord (>= 3.0.0)

GIT
  remote: https://github.com/moumar/wmainfo-rb.git
  revision: c30e1dcff26b580a848ce7259fef1c9c69d814d2
  specs:
    moumar-wmainfo-rb (0.8)

GIT
  remote: https://github.com/thomas-mcdonald/bootstrap-sass.git
  revision: ce312e5b1d52cac4e645d27d4151f2bdff89c43a
  specs:
    bootstrap-sass (2.2.2.0)
      sass (~> 3.2)

GEM
  remote: http://rubygems.org/
  specs:
    actionmailer (3.2.9)
      actionpack (= 3.2.9)
      mail (~> 2.4.4)
    actionpack (3.2.9)
      activemodel (= 3.2.9)
      activesupport (= 3.2.9)
      builder (~> 3.0.0)
      erubis (~> 2.7.0)
      journey (~> 1.0.4)
      rack (~> 1.4.0)
      rack-cache (~> 1.2)
      rack-test (~> 0.6.1)
      sprockets (~> 2.2.1)
    activemodel (3.2.9)
      activesupport (= 3.2.9)
      builder (~> 3.0.0)
    activerecord (3.2.9)
      activemodel (= 3.2.9)
      activesupport (= 3.2.9)
      arel (~> 3.0.2)
      tzinfo (~> 0.3.29)
    activeresource (3.2.9)
      activemodel (= 3.2.9)
      activesupport (= 3.2.9)
    activesupport (3.2.9)
      i18n (~> 0.6)
      multi_json (~> 1.0)
    addressable (2.3.2)
    archive-tar-minitar (0.5.2)
    arel (3.0.2)
    bcrypt-ruby (3.0.1)
    bourne (1.1.2)
      mocha (= 0.10.5)
    builder (3.0.4)
    bullet (4.3.0)
      uniform_notifier
    cancan (1.6.8)
    capybara (2.0.2)
      mime-types (>= 1.16)
      nokogiri (>= 1.3.3)
      rack (>= 1.0.0)
      rack-test (>= 0.5.4)
      selenium-webdriver (~> 2.0)
      xpath (~> 1.0.0)
    childprocess (0.3.6)
      ffi (~> 1.0, >= 1.0.6)
    ckeditor (3.7.1)
      mime-types
      orm_adapter
    cocaine (0.4.2)
    coffee-rails (3.2.2)
      coffee-script (>= 2.2.0)
      railties (~> 3.2.0)
    coffee-script (2.2.0)
      coffee-script-source
      execjs
    coffee-script-source (1.4.0)
    columnize (0.3.6)
    cucumber (1.2.1)
      builder (>= 2.1.2)
      diff-lcs (>= 1.1.3)
      gherkin (~> 2.11.0)
      json (>= 1.4.6)
    cucumber-rails (1.3.0)
      capybara (>= 1.1.2)
      cucumber (>= 1.1.8)
      nokogiri (>= 1.5.0)
    database_cleaner (0.9.1)
    devise (2.1.2)
      bcrypt-ruby (~> 3.0)
      orm_adapter (~> 0.1)
      railties (~> 3.1)
      warden (~> 1.2.1)
    diff-lcs (1.1.3)
    email_spec (1.4.0)
      launchy (~> 2.1)
      mail (~> 2.2)
    erubis (2.7.0)
    eventmachine (1.0.0)
    exception_notification (3.0.0)
      actionmailer (>= 3.0.4)
      tinder (~> 1.8)
    execjs (1.4.0)
      multi_json (~> 1.0)
    factory_girl (4.1.0)
      activesupport (>= 3.0.0)
    factory_girl_rails (4.1.0)
      factory_girl (~> 4.1.0)
      railties (>= 3.0.0)
    faraday (0.8.4)
      multipart-post (~> 1.1)
    faraday_middleware (0.9.0)
      faraday (>= 0.7.4, < 0.9)
    fattr (2.2.1)
    ffi (1.2.0)
    gherkin (2.11.5)
      json (>= 1.4.6)
    haml (3.1.7)
    hashie (1.2.0)
    highline (1.6.15)
    hike (1.2.1)
    http_parser.rb (0.5.3)
    i18n (0.6.1)
    journey (1.0.4)
    jquery-rails (2.1.4)
      railties (>= 3.0, < 5.0)
      thor (>= 0.14, < 2.0)
    json (1.7.6)
    jsonify (0.3.1)
      multi_json (~> 1.0)
    jsonify-rails (0.3.2)
      actionpack
      jsonify (< 0.4.0)
    launchy (2.1.2)
      addressable (~> 2.3)
    libv8 (3.3.10.4)
    libwebsocket (0.1.7.1)
      addressable
      websocket
    mail (2.4.4)
      i18n (>= 0.4.0)
      mime-types (~> 1.16)
      treetop (~> 1.4.8)
    metaclass (0.0.1)
    mime-types (1.19)
    mocha (0.10.5)
      metaclass (~> 0.0.1)
    multi_json (1.5.0)
    multipart-post (1.1.5)
    mysql2 (0.3.11)
    nokogiri (1.5.6)
    options (2.3.0)
      fattr
    orm_adapter (0.4.0)
    paperclip (3.4.0)
      activemodel (>= 3.0.0)
      activerecord (>= 3.0.0)
      activesupport (>= 3.0.0)
      cocaine (~> 0.4.0)
      mime-types
    polyglot (0.3.3)
    pr_geohash (1.0.0)
    progress_bar (0.4.0)
      highline (~> 1.6.1)
      options (~> 2.3.0)
    puma (1.6.3)
      rack (~> 1.2)
    rack (1.4.1)
    rack-cache (1.2)
      rack (>= 0.4)
    rack-ssl (1.3.2)
      rack
    rack-test (0.6.2)
      rack (>= 1.0)
    rails (3.2.9)
      actionmailer (= 3.2.9)
      actionpack (= 3.2.9)
      activerecord (= 3.2.9)
      activeresource (= 3.2.9)
      activesupport (= 3.2.9)
      bundler (~> 1.0)
      railties (= 3.2.9)
    railties (3.2.9)
      actionpack (= 3.2.9)
      activesupport (= 3.2.9)
      rack-ssl (~> 1.3.2)
      rake (>= 0.8.7)
      rdoc (~> 3.4)
      thor (>= 0.14.6, < 2.0)
    rake (10.0.3)
    rdoc (3.12)
      json (~> 1.4)
    rsolr (1.0.8)
      builder (>= 2.1.2)
    rspec-core (2.12.2)
    rspec-expectations (2.12.1)
      diff-lcs (~> 1.1.3)
    rspec-mocks (2.12.1)
    rspec-rails (2.12.0)
      actionpack (>= 3.0)
      activesupport (>= 3.0)
      railties (>= 3.0)
      rspec-core (~> 2.12.0)
      rspec-expectations (~> 2.12.0)
      rspec-mocks (~> 2.12.0)
    ruby-debug-base19x (0.11.30.pre10)
      columnize (>= 0.3.1)
      linecache19 (>= 0.5.11)
      rake (>= 0.8.1)
      ruby_core_source (>= 0.1.4)
    ruby-debug-ide (0.4.17.beta14)
      rake (>= 0.8.1)
    ruby-mp3info (0.7.2)
    ruby_core_source (0.1.5)
      archive-tar-minitar (>= 0.5.2)
    rubyzip (0.9.9)
    sass (3.2.4)
    sass-rails (3.2.5)
      railties (~> 3.2.0)
      sass (>= 3.1.10)
      tilt (~> 1.3)
    selenium-webdriver (2.27.2)
      childprocess (>= 0.2.5)
      libwebsocket (~> 0.1.3)
      multi_json (~> 1.0)
      rubyzip
    sextant (0.1.3)
      activesupport (>= 3.2)
      rails (>= 3.2)
    shoulda-matchers (1.4.2)
      activesupport (>= 3.0.0)
      bourne (~> 1.1.2)
    simple_oauth (0.1.9)
    sprockets (2.2.2)
      hike (~> 1.2)
      multi_json (~> 1.0)
      rack (~> 1.0)
      tilt (~> 1.1, != 1.3.0)
    sunspot (1.3.3)
      pr_geohash (~> 1.0)
      rsolr (~> 1.0.7)
    sunspot_rails (1.3.3)
      nokogiri
      sunspot (= 1.3.3)
    sunspot_solr (1.3.3)
    term-ansicolor (1.0.7)
    therubyracer (0.9.10)
      libv8 (~> 3.3.10)
    thor (0.16.0)
    tilt (1.3.3)
    tinder (1.9.1)
      eventmachine (>= 0.12.0, < 2)
      faraday (~> 0.8)
      faraday_middleware (~> 0.8)
      hashie (~> 1.0)
      json (~> 1.6)
      mime-types (~> 1.16)
      multi_json (~> 1.0)
      multipart-post (~> 1.1)
      twitter-stream (~> 0.1)
    treetop (1.4.12)
      polyglot
      polyglot (>= 0.3.1)
    twitter-stream (0.1.16)
      eventmachine (>= 0.12.8)
      http_parser.rb (~> 0.5.1)
      simple_oauth (~> 0.1.4)
    tzinfo (0.3.35)
    uglifier (1.3.0)
      execjs (>= 0.3.0)
      multi_json (~> 1.0, >= 1.0.2)
    uniform_notifier (1.1.1)
    warden (1.2.1)
      rack (>= 1.0)
    websocket (1.0.6)
    xpath (1.0.0)
      nokogiri (~> 1.3)
    yajl-ruby (1.1.0)

PLATFORMS
  ruby

DEPENDENCIES
  acts_as_tree!
  bootstrap-sass!
  bullet
  cancan
  capybara (>= 1.1.2)
  ckeditor (= 3.7.1)
  coffee-rails (~> 3.2.0)
  cucumber-rails (>= 1.3.0)
  database_cleaner (>= 0.7.2)
  devise
  email_spec (>= 1.2.1)
  exception_notification
  factory_girl_rails (>= 3.3.0)
  haml
  jquery-rails
  jsonify-rails
  kaminari!
  launchy (>= 2.1.0)
  linecache19!
  moumar-wmainfo-rb!
  mysql2 (>= 0.3)
  nokogiri
  paperclip
  progress_bar
  puma
  rails (= 3.2.9)
  rspec-rails (>= 2.10.1)
  ruby-debug-base19x (>= 0.11.30.pre10)
  ruby-debug-ide (>= 0.4.17.beta14)
  ruby-mp3info
  sass
  sass-rails (~> 3.2.0)
  sextant
  shoulda-matchers
  simple_form!
  sunspot_rails
  sunspot_solr
  term-ansicolor
  therubyracer (= 0.9.10)
  uglifier (>= 1.0.3)
  yajl-ruby
